GEM
  remote: https://rubygems.org/
  specs:
    hiredis (0.6.0)
    redis (3.2.1)

PLATFORMS
  ruby

DEPENDENCIES
  hiredis
  redis
